GEM
  remote: https://rubygems.org/
  specs:
    mini_magick (3.7.0)
      subexec (~> 0.2.1)
    ruby-opencv (0.0.12)
    subexec (0.2.3)

PLATFORMS
  ruby

DEPENDENCIES
  mini_magick
  ruby-opencv (~> 0.0.12)
