GEM
  remote: https://rubygems.org/
  specs:
    activesupport (4.0.2)
      i18n (~> 0.6, >= 0.6.4)
      minitest (~> 4.2)
      multi_json (~> 1.3)
      thread_safe (~> 0.1)
      tzinfo (~> 0.3.37)
    addressable (2.3.5)
    atomic (1.1.14)
    backports (3.5.0)
    bourbon (3.1.8)
      sass (>= 3.2.0)
      thor
    climate_control (0.0.3)
      activesupport (>= 3.0)
    cocaine (0.5.3)
      climate_control (>= 0.0.3, < 1.0)
    coffee-script (2.2.0)
      coffee-script-source
      execjs
    coffee-script-source (1.7.0)
    color (1.5.1)
    colorscore (0.0.4)
      color
    dotenv (0.9.0)
    execjs (2.0.2)
    faraday (0.8.9)
      multipart-post (~> 1.2.0)
    faraday_middleware (0.9.0)
      faraday (>= 0.7.4, < 0.9)
    foreman (0.63.0)
      dotenv (>= 0.7)
      thor (>= 0.13.6)
    hashie (2.0.5)
    hike (1.2.3)
    i18n (0.6.9)
    instagram (0.10.0)
      faraday (>= 0.7, < 0.9)
      faraday_middleware (~> 0.8)
      hashie (>= 0.4.0)
      multi_json (~> 1.0, >= 1.0.3)
    koala (1.8.0)
      addressable
      faraday
      multi_json
    minitest (4.7.5)
    multi_json (1.8.4)
    multipart-post (1.2.0)
    puma (2.7.1)
      rack (>= 1.1, < 2.0)
    rack (1.5.2)
    rack-protection (1.5.2)
      rack
    rack-test (0.6.2)
      rack (>= 1.0)
    ruby-opencv (0.0.12)
    sass (3.2.14)
    sinatra (1.4.4)
      rack (~> 1.4)
      rack-protection (~> 1.4)
      tilt (~> 1.3, >= 1.3.4)
    sinatra-contrib (1.4.2)
      backports (>= 2.0)
      multi_json
      rack-protection
      rack-test
      sinatra (~> 1.4.0)
      tilt (~> 1.3)
    sprockets (2.10.1)
      hike (~> 1.2)
      multi_json (~> 1.0)
      rack (~> 1.0)
      tilt (~> 1.1, != 1.3.0)
    thor (0.18.1)
    thread_safe (0.1.3)
      atomic
    tilt (1.4.1)
    tzinfo (0.3.38)

PLATFORMS
  ruby

DEPENDENCIES
  bourbon (~> 3.1.8)
  cocaine (~> 0.5.3)
  coffee-script (~> 2.2.0)
  colorscore (~> 0.0.4)
  foreman
  instagram
  koala
  puma (~> 2.7.1)
  ruby-opencv (~> 0.0.12)
  sass (~> 3.2.12)
  sinatra (~> 1.4.4)
  sinatra-contrib (~> 1.4.2)
  sprockets (~> 2.10.0)
